PATH
  remote: ./uci-0.0.2/
  specs:
    uci (0.0.2)

GEM
  remote: http://rubygems.org/
  specs:
    polyglot (0.3.3)
    treetop (1.4.12)
      polyglot
      polyglot (>= 0.3.1)

PLATFORMS
  ruby

DEPENDENCIES
  treetop
  uci!
